PATH
  remote: .
  specs:
    diff-display (0.0.1)

GEM
  remote: https://rubygems.org/
  specs:
    metaclass (0.0.1)
    mocha (0.14.0)
      metaclass (~> 0.0.1)

PLATFORMS
  ruby

DEPENDENCIES
  diff-display!
  mocha
